GEM
  remote: https://rubygems.org/
  specs:
    backports (3.12.0)
    multi_json (1.13.1)
    mustermann (1.0.3)
    mysql2 (0.5.2)
    puma (3.12.0)
    rack (2.0.6)
    rack-contrib (2.1.0)
      rack (~> 2.0)
    rack-protection (2.0.5)
      rack
    sequel (5.17.0)
    sinatra (2.0.5)
      mustermann (~> 1.0)
      rack (~> 2.0)
      rack-protection (= 2.0.5)
      tilt (~> 2.0)
    sinatra-contrib (2.0.5)
      backports (>= 2.8.2)
      multi_json
      mustermann (~> 1.0)
      rack-protection (= 2.0.5)
      sinatra (= 2.0.5)
      tilt (>= 1.3, < 3)
    tilt (2.0.9)

PLATFORMS
  ruby

DEPENDENCIES
  mysql2
  puma
  rack-contrib
  sequel
  sinatra
  sinatra-contrib

RUBY VERSION
   ruby 2.5.1p57

BUNDLED WITH
   1.17.1
